PATH
  remote: .
  specs:
    ruby_llm-mcp (0.0.2)
      faraday (>= 1.10.0)
      faraday-multipart (>= 1)
      faraday-net_http (>= 1)
      faraday-retry (>= 1)
      ruby_llm (~> 1.2)
      zeitwerk (~> 2)

GEM
  remote: https://rubygems.org/
  specs:
    addressable (2.8.7)
      public_suffix (>= 2.0.2, < 7.0)
    ast (2.4.3)
    base64 (0.2.0)
    bigdecimal (3.2.2)
    cookiejar (0.3.4)
    csv (3.3.5)
    date (3.4.1)
    debug (1.10.0)
      irb (~> 1.10)
      reline (>= 0.3.8)
    diff-lcs (1.6.2)
    dotenv (3.1.8)
    em-http-request (1.1.7)
      addressable (>= 2.3.4)
      cookiejar (!= 0.3.1)
      em-socksify (>= 0.3)
      eventmachine (>= 1.0.3)
      http_parser.rb (>= 0.6.0)
    em-socksify (0.3.3)
      base64
      eventmachine (>= 1.0.0.beta.4)
    ethon (0.16.0)
      ffi (>= 1.15.0)
    event_stream_parser (1.0.0)
    eventmachine (1.2.7)
    faraday (2.13.1)
      faraday-net_http (>= 2.0, < 3.5)
      json
      logger
    faraday-multipart (1.1.0)
      multipart-post (~> 2.0)
    faraday-net_http (3.4.0)
      net-http (>= 0.5.0)
    faraday-retry (2.3.1)
      faraday (~> 2.0)
    ffi (1.17.2)
    ffi (1.17.2-arm64-darwin)
    http_parser.rb (0.8.0)
    httparty (0.23.1)
      csv
      mini_mime (>= 1.0.0)
      multi_xml (>= 0.5.2)
    io-console (0.8.0)
    irb (1.15.2)
      pp (>= 0.6.0)
      rdoc (>= 4.0.0)
      reline (>= 0.4.2)
    json (2.12.0)
    language_server-protocol (3.17.0.5)
    lint_roller (1.1.0)
    logger (1.7.0)
    mini_mime (1.1.5)
    multi_xml (0.7.1)
      bigdecimal (~> 3.1)
    multipart-post (2.4.1)
    net-http (0.6.0)
      uri
    parallel (1.27.0)
    parser (3.3.8.0)
      ast (~> 2.4.1)
      racc
    pp (0.6.2)
      prettyprint
    prettyprint (0.2.0)
    prism (1.4.0)
    psych (5.2.6)
      date
      stringio
    public_suffix (6.0.2)
    racc (1.8.1)
    rainbow (3.1.1)
    rake (13.2.1)
    rdoc (6.13.1)
      psych (>= 4.0.0)
    regexp_parser (2.10.0)
    reline (0.6.1)
      io-console (~> 0.5)
    rspec (3.13.0)
      rspec-core (~> 3.13.0)
      rspec-expectations (~> 3.13.0)
      rspec-mocks (~> 3.13.0)
    rspec-core (3.13.3)
      rspec-support (~> 3.13.0)
    rspec-expectations (3.13.4)
      diff-lcs (>= 1.2.0, < 2.0)
      rspec-support (~> 3.13.0)
    rspec-mocks (3.13.4)
      diff-lcs (>= 1.2.0, < 2.0)
      rspec-support (~> 3.13.0)
    rspec-support (3.13.3)
    rubocop (1.75.6)
      json (~> 2.3)
      language_server-protocol (~> 3.17.0.2)
      lint_roller (~> 1.1.0)
      parallel (~> 1.10)
      parser (>= 3.3.0.2)
      rainbow (>= 2.2.2, < 4.0)
      regexp_parser (>= 2.9.3, < 3.0)
      rubocop-ast (>= 1.44.0, < 2.0)
      ruby-progressbar (~> 1.7)
      unicode-display_width (>= 2.4.0, < 4.0)
    rubocop-ast (1.44.1)
      parser (>= 3.3.7.2)
      prism (~> 1.4)
    rubocop-rake (0.7.1)
      lint_roller (~> 1.1)
      rubocop (>= 1.72.1)
    rubocop-rspec (3.6.0)
      lint_roller (~> 1.1)
      rubocop (~> 1.72, >= 1.72.1)
    ruby-progressbar (1.13.0)
    ruby_llm (1.2.0)
      base64
      event_stream_parser (~> 1)
      faraday (~> 2)
      faraday-multipart (~> 1)
      faraday-net_http (~> 3)
      faraday-retry (~> 2)
      zeitwerk (~> 2)
    stringio (3.1.7)
    typhoeus (1.4.1)
      ethon (>= 0.9.0)
    unicode-display_width (3.1.4)
      unicode-emoji (~> 4.0, >= 4.0.4)
    unicode-emoji (4.0.4)
    uri (1.0.3)
    zeitwerk (2.6.18)

PLATFORMS
  arm64-darwin-24
  ruby

DEPENDENCIES
  bundler (>= 2.0)
  debug
  dotenv (>= 3.0)
  em-http-request
  httparty
  rake (>= 13.0)
  rdoc
  reline
  rspec (~> 3.12)
  rubocop (>= 1.0)
  rubocop-rake (>= 0.6)
  rubocop-rspec
  ruby_llm-mcp!
  typhoeus

BUNDLED WITH
   2.6.5
